PATH
  remote: .
  specs:
    ukku (0.1.0)
      gli (= 2.12.2)
      rugged (= 0.21.3)
      rye (= 0.9)

GEM
  remote: https://rubygems.org/
  specs:
    annoy (0.5.6)
      highline (>= 1.5.0)
    aruba (0.6.1)
      childprocess (>= 0.3.6)
      cucumber (>= 1.1.1)
      rspec-expectations (>= 2.7.0)
    builder (3.2.2)
    childprocess (0.5.5)
      ffi (~> 1.0, >= 1.0.11)
    cucumber (1.3.18)
      builder (>= 2.1.2)
      diff-lcs (>= 1.1.3)
      gherkin (~> 2.12)
      multi_json (>= 1.7.5, < 2.0)
      multi_test (>= 0.1.1)
    diff-lcs (1.2.5)
    docopt (0.5.0)
    drydock (0.6.9)
    ffi (1.9.6)
    gherkin (2.12.2)
      multi_json (~> 1.3)
    gli (2.12.2)
    highline (1.6.21)
    json (1.8.1)
    multi_json (1.10.1)
    multi_test (0.1.1)
    net-scp (1.2.1)
      net-ssh (>= 2.6.5)
    net-ssh (2.9.2)
    rake (10.4.2)
    rdoc (4.2.0)
      json (~> 1.4)
    rspec-expectations (3.1.2)
      diff-lcs (>= 1.2.0, < 2.0)
      rspec-support (~> 3.1.0)
    rspec-support (3.1.2)
    rugged (0.21.3)
    rye (0.9.0)
      annoy
      highline (>= 1.5.1)
      net-scp (>= 1.0.2)
      net-ssh (>= 2.0.13)
      sysinfo (>= 0.7.0)
    storable (0.8.9)
    subprocess (1.2.0)
    sysinfo (0.8.1)
      drydock
      storable

PLATFORMS
  ruby

DEPENDENCIES
  aruba
  docopt
  rake
  rdoc
  rugged
  rye (= 0.9)
  subprocess
  ukku!
